PATH
  remote: .
  specs:
    chairnerd (0.0.7)

GEM
  remote: https://rubygems.org/
  specs:

PLATFORMS
  ruby

DEPENDENCIES
  chairnerd!
